GIT
  remote: https://github.com/izwick-schachter/se-api
  revision: f3c68c246b58484c2b753f72f727526fb5f4417f
  branch: master
  specs:
    se-api (0.0.0.beta0)

GIT
  remote: https://github.com/izwick-schachter/se-realtime
  revision: 05b7081ce24d2408f35d6a065346f23dac7843c0
  branch: master
  specs:
    se-realtime (0.0.0.beta1)
      mechanize (~> 2.7)
      nokogiri (~> 1.8)
      permessage_deflate (~> 0.1)
      websocket-driver (~> 0.6)

GIT
  remote: https://gitlab.com/izwick-schachter/ChatX
  revision: 9fa1356696b55a814ecfa7267c3ea2f39c4741ee
  branch: master
  specs:
    chatx (0.0.0.pre.pre2)
      htmlentities (~> 4.3)
      mechanize (~> 2.7)
      nokogiri (~> 1.8)
      permessage_deflate (~> 0.1)
      websocket-driver (~> 0.6)

GEM
  remote: https://rubygems.org/
  specs:
    classifier-reborn (2.1.0)
      fast-stemmer (~> 1.0)
    coderay (1.1.2)
    domain_name (0.5.20170404)
      unf (>= 0.0.5, < 1.0.0)
    fast-stemmer (1.0.2)
    htmlentities (4.3.4)
    http-cookie (1.0.3)
      domain_name (~> 0.5)
    mechanize (2.7.5)
      domain_name (~> 0.5, >= 0.5.1)
      http-cookie (~> 1.0)
      mime-types (>= 1.17.2)
      net-http-digest_auth (~> 1.1, >= 1.1.1)
      net-http-persistent (~> 2.5, >= 2.5.2)
      nokogiri (~> 1.6)
      ntlm-http (~> 0.1, >= 0.1.1)
      webrobots (>= 0.0.9, < 0.2)
    method_source (0.9.0)
    mime-types (3.1)
      mime-types-data (~> 3.2015)
    mime-types-data (3.2016.0521)
    mini_portile2 (2.3.0)
    net-http-digest_auth (1.4.1)
    net-http-persistent (2.9.4)
    nokogiri (1.8.1)
      mini_portile2 (~> 2.3.0)
    ntlm-http (0.1.1)
    permessage_deflate (0.1.4)
    pry (0.11.3)
      coderay (~> 1.1.0)
      method_source (~> 0.9.0)
    unf (0.1.4)
      unf_ext
    unf_ext (0.0.7.4)
    webrobots (0.1.2)
    websocket-driver (0.7.0)
      websocket-extensions (>= 0.1.0)
    websocket-extensions (0.1.3)

PLATFORMS
  ruby

DEPENDENCIES
  chatx!
  classifier-reborn (= 2.1.0)
  htmlentities
  pry
  se-api!
  se-realtime!

BUNDLED WITH
   1.16.0
