GIT
  remote: https://github.com/izwick-schachter/se-api
  revision: 288c643479729cd2d97430012e82562d8555794a
  branch: master
  specs:
    se-api (0.0.0.beta0)

GIT
  remote: https://github.com/izwick-schachter/se-realtime
  revision: d01ecfe9ab307fc0d59acbb5601f703e020fbdfc
  branch: master
  specs:
    se-realtime (0.0.0.beta0)
      mechanize (~> 2.7)
      nokogiri (~> 1.8)
      permessage_deflate (~> 0.1)
      websocket-driver (~> 0.6)

GIT
  remote: https://gitlab.com/izwick-schachter/ChatX
  revision: de4fc46a52e11fd69e85cdc6b744d6e6bc114ea0
  branch: master
  specs:
    chatx (0.0.0.pre.pre2)
      mechanize (~> 2.7)
      nokogiri (~> 1.8)
      permessage_deflate (~> 0.1)
      websocket-driver (~> 0.6)

GEM
  remote: https://rubygems.org/
  specs:
    classifier-reborn (2.1.0)
      fast-stemmer (~> 1.0)
    coderay (1.1.2)
    domain_name (0.5.20170404)
      unf (>= 0.0.5, < 1.0.0)
    fast-stemmer (1.0.2)
    htmlentities (4.3.4)
    http-cookie (1.0.3)
      domain_name (~> 0.5)
    mechanize (2.7.5)
      domain_name (~> 0.5, >= 0.5.1)
      http-cookie (~> 1.0)
      mime-types (>= 1.17.2)
      net-http-digest_auth (~> 1.1, >= 1.1.1)
      net-http-persistent (~> 2.5, >= 2.5.2)
      nokogiri (~> 1.6)
      ntlm-http (~> 0.1, >= 0.1.1)
      webrobots (>= 0.0.9, < 0.2)
    method_source (0.9.0)
    mime-types (3.1)
      mime-types-data (~> 3.2015)
    mime-types-data (3.2016.0521)
    mini_portile2 (2.3.0)
    net-http-digest_auth (1.4.1)
    net-http-persistent (2.9.4)
    nokogiri (1.8.1)
      mini_portile2 (~> 2.3.0)
    ntlm-http (0.1.1)
    permessage_deflate (0.1.4)
    pry (0.11.3)
      coderay (~> 1.1.0)
      method_source (~> 0.9.0)
    unf (0.1.4)
      unf_ext
    unf_ext (0.0.7.4)
    webrobots (0.1.2)
    websocket-driver (0.7.0)
      websocket-extensions (>= 0.1.0)
    websocket-extensions (0.1.3)

PLATFORMS
  ruby

DEPENDENCIES
  chatx!
  classifier-reborn
  htmlentities
  pry
  se-api!
  se-realtime!

BUNDLED WITH
   1.16.0
